GEM
  remote: http://rubygems.org/
  specs:
    activesupport (3.0.7)
    i18n (0.5.0)
    rack (1.2.2)
    sinatra (1.2.6)
      rack (~> 1.1)
      tilt (>= 1.2.2, < 2.0)
    tilt (1.3)
    torquebox (1.0.1)
      torquebox-base (= 1.0.1)
      torquebox-messaging (= 1.0.1)
      torquebox-naming (= 1.0.1)
      torquebox-rake-support (= 1.0.1)
      torquebox-vfs (= 1.0.1)
      torquebox-web (= 1.0.1)
    torquebox-base (1.0.1-java)
    torquebox-messaging (1.0.1-java)
      torquebox-base (= 1.0.1)
      torquebox-naming (= 1.0.1)
    torquebox-naming (1.0.1-java)
    torquebox-rake-support (1.0.1)
    torquebox-vfs (1.0.1-java)
    torquebox-web (1.0.1-java)

PLATFORMS
  java

DEPENDENCIES
  activesupport
  i18n
  sinatra
  torquebox
