GEM
  remote: http://rubygems.org/
  specs:
    org.torquebox.rake-support (1.0.0.Beta23)
    rack (1.2.2)
    sinatra (1.2.1)
      rack (~> 1.1)
      tilt (>= 1.2.2, < 2.0)
    tilt (1.2.2)

PLATFORMS
  java

DEPENDENCIES
  org.torquebox.rake-support
  sinatra
