GEM
  remote: http://rubygems.org/
  specs:
    org.torquebox.torquebox-messaging-client (1.0.0.Beta23-java)
      org.torquebox.torquebox-naming-client (= 1.0.0.Beta23)
    org.torquebox.torquebox-naming-client (1.0.0.Beta23-java)
    rack (1.2.1)
    sinatra (1.1.0)
      rack (~> 1.1)
      tilt (~> 1.1)
    tilt (1.1)

PLATFORMS
  java

DEPENDENCIES
  org.torquebox.torquebox-messaging-client
  sinatra
