GEM
  remote: http://rubygems.org/
  specs:
    rack (1.2.1)
    sinatra (1.1.0)
      rack (~> 1.1)
      tilt (~> 1.1)
    tilt (1.1)
    torquebox (1.0.0.CR1)
      torquebox-base (= 1.0.0.CR1)
      torquebox-messaging (= 1.0.0.CR1)
      torquebox-naming (= 1.0.0.CR1)
      torquebox-rake-support (= 1.0.0.CR1)
      torquebox-web (= 1.0.0.CR1)
    torquebox-base (1.0.0.CR1-java)
    torquebox-messaging (1.0.0.CR1-java)
      torquebox-base (= 1.0.0.CR1)
      torquebox-naming (= 1.0.0.CR1)
    torquebox-naming (1.0.0.CR1-java)
    torquebox-rake-support (1.0.0.CR1)
    torquebox-web (1.0.0.CR1-java)

PLATFORMS
  java

DEPENDENCIES
  sinatra
  torquebox
