GEM
  remote: http://rubygems.org/
  specs:
    i18n (0.6.0)
    rack (1.3.0)
    sinatra (1.2.6)
      rack (~> 1.1)
      tilt (>= 1.2.2, < 2.0)
    tilt (1.3.2)
    torquebox (2.0.0)
      torquebox-core (= 2.0.0)
      torquebox-infinispan (= 2.0.0)
      torquebox-messaging (= 2.0.0)
      torquebox-naming (= 2.0.0)
      torquebox-rake-support (= 2.0.0)
      torquebox-security (= 2.0.0)
      torquebox-vfs (= 2.0.0)
      torquebox-web (= 2.0.0)
    torquebox-core (2.0.0-java)
    torquebox-infinispan (2.0.0-java)
      torquebox-core (= 2.0.0)
    torquebox-messaging (2.0.0-java)
      torquebox-core (= 2.0.0)
    torquebox-naming (2.0.0-java)
    torquebox-rake-support (2.0.0)
    torquebox-security (2.0.0-java)
      torquebox-core (= 2.0.0)
    torquebox-vfs (2.0.0-java)
    torquebox-web (2.0.0-java)

PLATFORMS
  java

DEPENDENCIES
  i18n
  sinatra
  torquebox
