GEM
  remote: http://rubygems.org/
  specs:
    activesupport (3.0.5)
    i18n (0.5.0)
    rack (1.2.1)
    torquebox (1.0.0.CR1)
      torquebox-base (= 1.0.0.CR1)
      torquebox-messaging (= 1.0.0.CR1)
      torquebox-naming (= 1.0.0.CR1)
      torquebox-rake-support (= 1.0.0.CR1)
      torquebox-web (= 1.0.0.CR1)
    torquebox-base (1.0.0.CR1-java)
    torquebox-messaging (1.0.0.CR1-java)
      torquebox-base (= 1.0.0.CR1)
      torquebox-naming (= 1.0.0.CR1)
    torquebox-naming (1.0.0.CR1-java)
    torquebox-rake-support (1.0.0.CR1)
    torquebox-web (1.0.0.CR1-java)

PLATFORMS
  java

DEPENDENCIES
  activesupport (>= 3.0.3)
  i18n
  rack
  torquebox
