GEM
  remote: http://rubygems.org/
  specs:
    activesupport (3.0.5)
    i18n (0.5.0)
    rack (1.2.1)

PLATFORMS
  java

DEPENDENCIES
  activesupport
  i18n
  rack
